GEM
  remote: https://rubygems.org/
  specs:
    clipboard (1.3.5)
    cyberarm_engine (0.16.0)
      clipboard (~> 1.3.5)
      excon (~> 0.78.0)
      gosu (~> 1.0.0)
      gosu_more_drawables (~> 0.3)
    excon (0.78.1)
    gosu (1.0.0)
    gosu_more_drawables (0.3.1)

PLATFORMS
  x64-mingw32

DEPENDENCIES
  cyberarm_engine

BUNDLED WITH
   2.2.6
